GIT
  remote: https://github.com/realmsapp/realms_ruby_style
  revision: 1426aa6324f8ba38e14aed1964768cd6d894a184
  branch: main
  specs:
    realms_ruby_style (0.1.0)
      rubocop
      rubocop-performance

PATH
  remote: ../..
  specs:
    lotr_tcg_data_ruby (0.1.0)
      activesupport
      any_ascii
      value_semantics

GEM
  remote: https://rubygems.org/
  specs:
    activesupport (7.0.4)
      concurrent-ruby (~> 1.0, >= 1.0.2)
      i18n (>= 1.6, < 2)
      minitest (>= 5.1)
      tzinfo (~> 2.0)
    any_ascii (0.3.1)
    ast (2.4.2)
    concurrent-ruby (1.1.10)
    i18n (1.12.0)
      concurrent-ruby (~> 1.0)
    json (2.6.2)
    minitest (5.16.3)
    parallel (1.22.1)
    parser (3.1.2.1)
      ast (~> 2.4.1)
    rainbow (3.1.1)
    rake (13.0.6)
    regexp_parser (2.5.0)
    rexml (3.2.5)
    rubocop (1.36.0)
      json (~> 2.3)
      parallel (~> 1.10)
      parser (>= 3.1.2.1)
      rainbow (>= 2.2.2, < 4.0)
      regexp_parser (>= 1.8, < 3.0)
      rexml (>= 3.2.5, < 4.0)
      rubocop-ast (>= 1.20.1, < 2.0)
      ruby-progressbar (~> 1.7)
      unicode-display_width (>= 1.4.0, < 3.0)
    rubocop-ast (1.21.0)
      parser (>= 3.1.1.0)
    rubocop-performance (1.15.0)
      rubocop (>= 1.7.0, < 2.0)
      rubocop-ast (>= 0.4.0)
    ruby-progressbar (1.11.0)
    terminal-table (3.0.2)
      unicode-display_width (>= 1.1.1, < 3)
    tzinfo (2.0.5)
      concurrent-ruby (~> 1.0)
    unicode-display_width (2.3.0)
    value_semantics (3.6.1)

PLATFORMS
  x86_64-darwin-20

DEPENDENCIES
  lotr_tcg_data_ruby!
  minitest (~> 5.0)
  rake (~> 13.0)
  realms_ruby_style!
  terminal-table

BUNDLED WITH
   2.3.4
