PATH
  remote: .
  specs:
    lotr_tcg_data (0.1.0)
      value_semantics

GEM
  remote: https://rubygems.org/
  specs:
    minitest (5.16.3)
    rake (13.0.6)
    value_semantics (3.6.1)

PLATFORMS
  x86_64-darwin-20

DEPENDENCIES
  lotr_tcg_data!
  minitest (~> 5.0)
  rake (~> 13.0)

BUNDLED WITH
   2.3.4
